GEM
  remote: https://rubygems.org/
  specs:
    aws (2.10.0)
      http_connection
      uuidtools
      xml-simple
    haml (3.1.7)
    http_connection (1.4.4)
    mime-types (1.25.1)
    rake (10.3.2)
    uuidtools (2.1.4)
    xml-simple (1.1.3)

PLATFORMS
  ruby

DEPENDENCIES
  aws
  haml
  mime-types
  rake
